GEM
  remote: https://rubygems.org/
  specs:
    chipmunk (6.1.3.4)
    gosu (0.13.1)

PLATFORMS
  ruby

DEPENDENCIES
  chipmunk
  gosu

BUNDLED WITH
   1.15.4
